GEM
  remote: https://rubygems.org/
  specs:
    faraday (0.8.9)
      multipart-post (~> 1.2.0)
    faraday_middleware (0.9.0)
      faraday (>= 0.7.4, < 0.9)
    multipart-post (1.2.0)
    omdbgateway (0.0.4)
      faraday (~> 0.8.9)
      faraday_middleware (~> 0.8)

PLATFORMS
  ruby

DEPENDENCIES
  omdbgateway
